PATH
  remote: .
  specs:
    infra (0.1.0)
      dry-struct (>= 1.6.0)
      karafka (>= 2.0.0)

GEM
  remote: https://rubygems.org/
  specs:
    ast (2.4.2)
    concurrent-ruby (1.2.2)
    diff-lcs (1.5.0)
    dry-core (1.0.0)
      concurrent-ruby (~> 1.0)
      zeitwerk (~> 2.6)
    dry-inflector (1.0.0)
    dry-logic (1.5.0)
      concurrent-ruby (~> 1.0)
      dry-core (~> 1.0, < 2)
      zeitwerk (~> 2.6)
    dry-struct (1.6.0)
      dry-core (~> 1.0, < 2)
      dry-types (>= 1.7, < 2)
      ice_nine (~> 0.11)
      zeitwerk (~> 2.6)
    dry-types (1.7.1)
      concurrent-ruby (~> 1.0)
      dry-core (~> 1.0)
      dry-inflector (~> 1.0)
      dry-logic (~> 1.4)
      zeitwerk (~> 2.6)
    ffi (1.15.5)
    ice_nine (0.11.2)
    json (2.6.3)
    karafka (2.0.33)
      karafka-core (>= 2.0.12, < 3.0.0)
      thor (>= 0.20)
      waterdrop (>= 2.4.10, < 3.0.0)
      zeitwerk (~> 2.3)
    karafka-core (2.0.12)
      concurrent-ruby (>= 1.1)
      karafka-rdkafka (>= 0.12.1)
    karafka-rdkafka (0.12.1)
      ffi (~> 1.15)
      mini_portile2 (~> 2.6)
      rake (> 12)
    mini_portile2 (2.8.1)
    parallel (1.22.1)
    parser (3.2.1.0)
      ast (~> 2.4.1)
    rainbow (3.1.1)
    rake (13.0.6)
    regexp_parser (2.7.0)
    rexml (3.2.5)
    rspec (3.12.0)
      rspec-core (~> 3.12.0)
      rspec-expectations (~> 3.12.0)
      rspec-mocks (~> 3.12.0)
    rspec-core (3.12.1)
      rspec-support (~> 3.12.0)
    rspec-expectations (3.12.2)
      diff-lcs (>= 1.2.0, < 2.0)
      rspec-support (~> 3.12.0)
    rspec-mocks (3.12.3)
      diff-lcs (>= 1.2.0, < 2.0)
      rspec-support (~> 3.12.0)
    rspec-support (3.12.0)
    rubocop (1.46.0)
      json (~> 2.3)
      parallel (~> 1.10)
      parser (>= 3.2.0.0)
      rainbow (>= 2.2.2, < 4.0)
      regexp_parser (>= 1.8, < 3.0)
      rexml (>= 3.2.5, < 4.0)
      rubocop-ast (>= 1.26.0, < 2.0)
      ruby-progressbar (~> 1.7)
      unicode-display_width (>= 2.4.0, < 3.0)
    rubocop-ast (1.26.0)
      parser (>= 3.2.1.0)
    ruby-progressbar (1.11.0)
    thor (1.2.1)
    unicode-display_width (2.4.2)
    waterdrop (2.4.11)
      karafka-core (>= 2.0.12, < 3.0.0)
      zeitwerk (~> 2.3)
    zeitwerk (2.6.7)

PLATFORMS
  x86_64-darwin-21

DEPENDENCIES
  infra!
  rake (~> 13.0)
  rspec (~> 3.0)
  rubocop (~> 1.21)

BUNDLED WITH
   2.2.32
